GEM
  remote: https://rubygems.org/
  specs:
    ast (2.4.0)
    coderay (1.1.2)
    concurrent-ruby (1.1.3)
    daemons (1.3.1)
    dotenv (2.5.0)
    dry-configurable (0.7.0)
      concurrent-ruby (~> 1.0)
    eventmachine (1.2.7)
    get_process_mem (0.2.3)
    jaro_winkler (1.5.1)
    method_source (0.9.2)
    parallel (1.12.1)
    parser (2.5.3.0)
      ast (~> 2.4.0)
    powerpack (0.1.2)
    pry (0.12.2)
      coderay (~> 1.1.0)
      method_source (~> 0.9.0)
    rack (2.0.6)
    rack-cache (1.8.0)
      rack (>= 0.4)
    rainbow (3.0.0)
    redis (4.1.0)
    roda (3.15.0)
      rack
    rubocop (0.61.1)
      jaro_winkler (~> 1.5.1)
      parallel (~> 1.10)
      parser (>= 2.5, != 2.5.1.1)
      powerpack (~> 0.1)
      rainbow (>= 2.2.2, < 4.0)
      ruby-progressbar (~> 1.7)
      unicode-display_width (~> 1.4.0)
    ruby-progressbar (1.10.0)
    thin (1.7.2)
      daemons (~> 1.0, >= 1.0.9)
      eventmachine (~> 1.0, >= 1.0.4)
      rack (>= 1, < 3)
    timers (4.2.0)
    unicode-display_width (1.4.0)

PLATFORMS
  ruby

DEPENDENCIES
  dotenv
  dry-configurable
  get_process_mem
  pry
  rack-cache
  redis
  roda (= 3.15.0)
  rubocop (~> 0.61.1)
  thin
  timers (= 4.2.0)

BUNDLED WITH
   1.16.6
